GEM
  remote: https://rubygems.org/
  specs:
    httparty (0.18.1)
      mime-types (~> 3.0)
      multi_xml (>= 0.5.2)
    jwt (2.2.2)
    mime-types (3.3.1)
      mime-types-data (~> 3.2015)
    mime-types-data (3.2020.1104)
    multi_xml (0.6.0)
    openssl (2.2.0)

PLATFORMS
  ruby

DEPENDENCIES
  httparty
  jwt
  openssl

BUNDLED WITH
   2.1.2
